PATH
  remote: .
  specs:
    simple_params (2.0.4)
      activemodel (>= 3.0, <= 7.0)
      shoulda-matchers (>= 2.8)
      virtus (>= 1.0.0)

GEM
  remote: https://rubygems.org/
  specs:
    activemodel (7.0.0)
      activesupport (= 7.0.0)
    activesupport (7.0.0)
      concurrent-ruby (~> 1.0, >= 1.0.2)
      i18n (>= 1.6, < 2)
      minitest (>= 5.1)
      tzinfo (~> 2.0)
    appraisal (2.3.0)
      bundler
      rake
      thor (>= 0.14.0)
    axiom-types (0.1.1)
      descendants_tracker (~> 0.0.4)
      ice_nine (~> 0.11.0)
      thread_safe (~> 0.3, >= 0.3.1)
    coderay (1.1.3)
    coercible (1.0.0)
      descendants_tracker (~> 0.0.1)
    concurrent-ruby (1.1.10)
    descendants_tracker (0.0.4)
      thread_safe (~> 0.3, >= 0.3.1)
    diff-lcs (1.4.4)
    equalizer (0.0.11)
    i18n (1.12.0)
      concurrent-ruby (~> 1.0)
    ice_nine (0.11.2)
    method_source (1.0.0)
    minitest (5.16.2)
    pry (0.13.1)
      coderay (~> 1.1)
      method_source (~> 1.0)
    rake (13.0.1)
    rspec (3.9.0)
      rspec-core (~> 3.9.0)
      rspec-expectations (~> 3.9.0)
      rspec-mocks (~> 3.9.0)
    rspec-core (3.9.2)
      rspec-support (~> 3.9.3)
    rspec-expectations (3.9.2)
      diff-lcs (>= 1.2.0, < 2.0)
      rspec-support (~> 3.9.0)
    rspec-mocks (3.9.1)
      diff-lcs (>= 1.2.0, < 2.0)
      rspec-support (~> 3.9.0)
    rspec-support (3.9.3)
    shoulda-matchers (4.3.0)
      activesupport (>= 4.2.0)
    thor (1.0.1)
    thread_safe (0.3.6)
    tzinfo (2.0.5)
      concurrent-ruby (~> 1.0)
    virtus (1.0.5)
      axiom-types (~> 0.1)
      coercible (~> 1.0)
      descendants_tracker (~> 0.0, >= 0.0.3)
      equalizer (~> 0.0, >= 0.0.9)

PLATFORMS
  ruby

DEPENDENCIES
  appraisal
  bundler (>= 1.5)
  pry
  rake
  rspec (>= 2.6)
  simple_params!

BUNDLED WITH
   2.1.4
